GEM
  remote: https://rubygems.org/
  specs:
    faraday (0.12.1)
      multipart-post (>= 1.2, < 3)
    multipart-post (2.0.0)
    mustermann (1.0.0)
    puma (3.8.2)
    rack (2.0.2)
    rack-protection (2.0.0)
      rack
    sinatra (2.0.0)
      mustermann (~> 1.0)
      rack (~> 2.0)
      rack-protection (= 2.0.0)
      tilt (~> 2.0)
    slim (3.0.8)
      temple (>= 0.7.6, < 0.9)
      tilt (>= 1.3.3, < 2.1)
    temple (0.8.0)
    tilt (2.0.7)

PLATFORMS
  ruby

DEPENDENCIES
  faraday
  puma
  sinatra
  slim

BUNDLED WITH
   1.14.6
